GEM
  remote: https://rubygems.org/
  specs:
    rack (2.0.6)

PLATFORMS
  ruby

DEPENDENCIES
  rack (>= 1.6.11)

RUBY VERSION
   ruby 2.5.0p0

BUNDLED WITH
   1.17.1
